GEM
  remote: https://rubygems.org/
  specs:
    avl_tree (1.1.3)
    coderay (1.0.9)
    consistent-hashing (0.2.1)
      avl_tree (>= 1.1.3)
    diff-lcs (1.1.3)
    ffi (1.8.1)
    ffi (1.8.1-java)
    json (1.8.0)
    json (1.8.0-java)
    method_source (0.8.1)
    pry (0.9.12.2)
      coderay (~> 1.0.5)
      method_source (~> 0.8)
      slop (~> 3.4)
    pry (0.9.12.2-java)
      coderay (~> 1.0.5)
      method_source (~> 0.8)
      slop (~> 3.4)
      spoon (~> 0.0)
    rjack-logback (1.6.1-java)
      rjack-slf4j (>= 1.6.5, < 1.8)
    rjack-slf4j (1.7.5.0-java)
    rspec (2.11.0)
      rspec-core (~> 2.11.0)
      rspec-expectations (~> 2.11.0)
      rspec-mocks (~> 2.11.0)
    rspec-core (2.11.1)
    rspec-expectations (2.11.3)
      diff-lcs (~> 1.1.3)
    rspec-mocks (2.11.3)
    settingslogic (2.0.9)
    slop (3.4.5)
    spoon (0.0.4)
      ffi
    state_machine (1.2.0)

PLATFORMS
  java

DEPENDENCIES
  consistent-hashing
  json
  pry
  rjack-logback
  rspec
  rspec-expectations
  rspec-mocks
  settingslogic
  slop
  spoon
  state_machine
