GEM
  remote: https://rubygems.org/
  specs:
    diff-lcs (1.1.3)
    rjack-logback (1.6.1-java)
      rjack-slf4j (>= 1.6.5, < 1.8)
    rjack-slf4j (1.7.5.0-java)
    rspec (2.11.0)
      rspec-core (~> 2.11.0)
      rspec-expectations (~> 2.11.0)
      rspec-mocks (~> 2.11.0)
    rspec-core (2.11.1)
    rspec-expectations (2.11.3)
      diff-lcs (~> 1.1.3)
    rspec-mocks (2.11.3)

PLATFORMS
  java

DEPENDENCIES
  rjack-logback
  rspec
