GEM
  remote: https://rubygems.org/
  specs:
    avl_tree (1.1.3)
    coderay (1.0.9)
    consistent-hashing (0.2.1)
      avl_tree (>= 1.1.3)
    descriptive_statistics (1.1.1)
    diff-lcs (1.2.4)
    ffi (1.9.0)
    ffi (1.9.0-java)
    formatador (0.2.4)
    guard (1.8.1)
      formatador (>= 0.2.4)
      listen (>= 1.0.0)
      lumberjack (>= 1.0.2)
      pry (>= 0.9.10)
      thor (>= 0.14.6)
    guard-jruby-rspec (0.2.0)
      guard (>= 0.10.0)
      guard-rspec (>= 0.7.3)
    guard-rspec (3.0.2)
      guard (>= 1.8)
      rspec (~> 2.13)
    json (1.8.0)
    json (1.8.0-java)
    listen (1.2.2)
      rb-fsevent (>= 0.9.3)
      rb-inotify (>= 0.9)
      rb-kqueue (>= 0.2)
    lumberjack (1.0.4)
    method_source (0.8.1)
    pry (0.9.12.2)
      coderay (~> 1.0.5)
      method_source (~> 0.8)
      slop (~> 3.4)
    pry (0.9.12.2-java)
      coderay (~> 1.0.5)
      method_source (~> 0.8)
      slop (~> 3.4)
      spoon (~> 0.0)
    rb-fsevent (0.9.3)
    rb-inotify (0.9.0)
      ffi (>= 0.5.0)
    rb-kqueue (0.2.0)
      ffi (>= 0.5.0)
    rjack-logback (1.6.1-java)
      rjack-slf4j (>= 1.6.5, < 1.8)
    rjack-slf4j (1.7.5.0-java)
    rspec (2.14.0)
      rspec-core (~> 2.14.0)
      rspec-expectations (~> 2.14.0)
      rspec-mocks (~> 2.14.0)
    rspec-core (2.14.0)
    rspec-expectations (2.14.0)
      diff-lcs (>= 1.1.3, < 2.0)
    rspec-mocks (2.14.0)
    settingslogic (2.0.9)
    slop (3.4.5)
    spoon (0.0.4)
      ffi
    state_machine (1.2.0)
    thor (0.18.1)

PLATFORMS
  java

DEPENDENCIES
  consistent-hashing
  descriptive_statistics
  guard-jruby-rspec
  json
  pry
  rjack-logback
  rspec
  rspec-expectations
  rspec-mocks
  settingslogic
  slop
  spoon
  state_machine
