PATH
  remote: .
  specs:
    game_machine (0.0.1)

GEM
  remote: http://gems.github.com/
  remote: http://rubygems.org/
  specs:
    diff-lcs (1.1.3)
    rake (0.9.2.2)
    rspec (2.11.0)
      rspec-core (~> 2.11.0)
      rspec-expectations (~> 2.11.0)
      rspec-mocks (~> 2.11.0)
    rspec-core (2.11.1)
    rspec-expectations (2.11.3)
      diff-lcs (~> 1.1.3)
    rspec-mocks (2.11.3)
    ruby_protobuf (0.4.11)

PLATFORMS
  java

DEPENDENCIES
  game_machine!
  rake
  rspec
  ruby_protobuf
