PATH
  remote: .
  specs:
    game_machine (0.0.12)
      activesupport
      bcrypt
      faraday
      ffi
      i18n
      json
      puma
      rack-flash3
      sinatra
      sinatra-contrib
      wavefront

GEM
  remote: https://rubygems.org/
  specs:
    activesupport (4.1.6)
      i18n (~> 0.6, >= 0.6.9)
      json (~> 1.7, >= 1.7.7)
      minitest (~> 5.1)
      thread_safe (~> 0.1)
      tzinfo (~> 1.1)
    backports (3.6.0)
    bcrypt (3.1.7-java)
    colored (1.2)
    cri (2.6.1)
      colored (~> 1.2)
    descriptive_statistics (2.0.0)
    diff-lcs (1.2.5)
    faraday (0.9.0)
      multipart-post (>= 1.2, < 3)
    ffi (1.9.3-java)
    i18n (0.6.11)
    json (1.8.1-java)
    kramdown (1.4.1)
    minitest (5.4.1)
    multi_json (1.10.1)
    multipart-post (2.0.0)
    nanoc (3.7.3)
      cri (~> 2.3)
    puma (2.9.1-java)
      rack (>= 1.1, < 2.0)
    rack (1.5.2)
    rack-flash3 (1.0.5)
      rack
    rack-protection (1.5.3)
      rack
    rack-test (0.6.2)
      rack (>= 1.0)
    rake (10.3.2)
    rspec (3.0.0)
      rspec-core (~> 3.0.0)
      rspec-expectations (~> 3.0.0)
      rspec-mocks (~> 3.0.0)
    rspec-core (3.0.4)
      rspec-support (~> 3.0.0)
    rspec-expectations (3.0.4)
      diff-lcs (>= 1.2.0, < 2.0)
      rspec-support (~> 3.0.0)
    rspec-mocks (3.0.4)
      rspec-support (~> 3.0.0)
    rspec-support (3.0.4)
    sinatra (1.4.5)
      rack (~> 1.4)
      rack-protection (~> 1.4)
      tilt (~> 1.3, >= 1.3.4)
    sinatra-contrib (1.4.2)
      backports (>= 2.0)
      multi_json
      rack-protection
      rack-test
      sinatra (~> 1.4.0)
      tilt (~> 1.3)
    thread_safe (0.3.4-java)
    tilt (1.4.1)
    tzinfo (1.2.2)
      thread_safe (~> 0.1)
    wavefront (0.1.2)

PLATFORMS
  java

DEPENDENCIES
  descriptive_statistics
  game_machine!
  kramdown
  nanoc
  rake
  rspec
  rspec-expectations
  rspec-mocks
