PATH
  remote: .
  specs:
    game_machine (0.0.11)
      activerecord
      activerecord-jdbcmysql-adapter
      bcrypt
      consistent-hashing
      ffi
      haml
      i18n
      json
      rack-flash3
      rjack-logback
      settingslogic
      sinatra
      sinatra-contrib
      webrick

GEM
  remote: https://rubygems.org/
  specs:
    activemodel (4.1.4)
      activesupport (= 4.1.4)
      builder (~> 3.1)
    activerecord (4.1.4)
      activemodel (= 4.1.4)
      activesupport (= 4.1.4)
      arel (~> 5.0.0)
    activerecord-jdbc-adapter (1.3.9)
      activerecord (>= 2.2)
    activerecord-jdbcmysql-adapter (1.3.9)
      activerecord-jdbc-adapter (~> 1.3.9)
      jdbc-mysql (>= 5.1.22)
    activesupport (4.1.4)
      i18n (~> 0.6, >= 0.6.9)
      json (~> 1.7, >= 1.7.7)
      minitest (~> 5.1)
      thread_safe (~> 0.1)
      tzinfo (~> 1.1)
    arel (5.0.1.20140414130214)
    avl_tree (1.1.3)
    backports (3.6.0)
    bcrypt (3.1.7-java)
    builder (3.2.2)
    consistent-hashing (1.0.0)
      avl_tree (>= 1.1.3)
    descriptive_statistics (1.1.5)
    diff-lcs (1.2.5)
    ffi (1.9.3-java)
    haml (4.0.5)
      tilt
    i18n (0.6.11)
    jdbc-mysql (5.1.31)
    json (1.8.1-java)
    minitest (5.4.0)
    multi_json (1.10.1)
    rack (1.5.2)
    rack-flash3 (1.0.5)
      rack
    rack-protection (1.5.3)
      rack
    rack-test (0.6.2)
      rack (>= 1.0)
    rake (10.3.2)
    rjack-logback (1.7.0-java)
      rjack-slf4j (>= 1.6.5, < 1.8)
    rjack-slf4j (1.7.6.0-java)
    rspec (3.0.0)
      rspec-core (~> 3.0.0)
      rspec-expectations (~> 3.0.0)
      rspec-mocks (~> 3.0.0)
    rspec-core (3.0.2)
      rspec-support (~> 3.0.0)
    rspec-expectations (3.0.2)
      diff-lcs (>= 1.2.0, < 2.0)
      rspec-support (~> 3.0.0)
    rspec-mocks (3.0.2)
      rspec-support (~> 3.0.0)
    rspec-support (3.0.2)
    settingslogic (2.0.9)
    sinatra (1.4.5)
      rack (~> 1.4)
      rack-protection (~> 1.4)
      tilt (~> 1.3, >= 1.3.4)
    sinatra-contrib (1.4.2)
      backports (>= 2.0)
      multi_json
      rack-protection
      rack-test
      sinatra (~> 1.4.0)
      tilt (~> 1.3)
    thread_safe (0.3.4-java)
    tilt (1.4.1)
    tzinfo (1.2.1)
      thread_safe (~> 0.1)
    webrick (1.3.1)

PLATFORMS
  java

DEPENDENCIES
  descriptive_statistics
  game_machine!
  rake
  rspec
  rspec-expectations
  rspec-mocks
