PATH
  remote: .
  specs:
    game_machine (0.0.5)
      activemodel
      activesupport
      consistent-hashing
      ffi
      haml
      i18n
      json
      rjack-logback
      settingslogic
      sinatra
      sinatra-contrib
      state_machine
      webrick

GEM
  remote: https://rubygems.org/
  specs:
    activemodel (4.1.1)
      activesupport (= 4.1.1)
      builder (~> 3.1)
    activesupport (4.1.1)
      i18n (~> 0.6, >= 0.6.9)
      json (~> 1.7, >= 1.7.7)
      minitest (~> 5.1)
      thread_safe (~> 0.1)
      tzinfo (~> 1.1)
    avl_tree (1.1.3)
    backports (3.6.0)
    builder (3.2.2)
    consistent-hashing (1.0.0)
      avl_tree (>= 1.1.3)
    descriptive_statistics (1.1.2)
    diff-lcs (1.2.5)
    ffi (1.9.3-java)
    haml (4.0.5)
      tilt
    i18n (0.6.9)
    json (1.8.1-java)
    minitest (5.3.5)
    multi_json (1.10.1)
    rack (1.5.2)
    rack-protection (1.5.3)
      rack
    rack-test (0.6.2)
      rack (>= 1.0)
    rake (10.1.0)
    rjack-logback (1.7.0-java)
      rjack-slf4j (>= 1.6.5, < 1.8)
    rjack-slf4j (1.7.6.0-java)
    rspec (2.14.1)
      rspec-core (~> 2.14.0)
      rspec-expectations (~> 2.14.0)
      rspec-mocks (~> 2.14.0)
    rspec-core (2.14.7)
    rspec-expectations (2.14.4)
      diff-lcs (>= 1.1.3, < 2.0)
    rspec-mocks (2.14.4)
    settingslogic (2.0.9)
    sinatra (1.4.5)
      rack (~> 1.4)
      rack-protection (~> 1.4)
      tilt (~> 1.3, >= 1.3.4)
    sinatra-contrib (1.4.2)
      backports (>= 2.0)
      multi_json
      rack-protection
      rack-test
      sinatra (~> 1.4.0)
      tilt (~> 1.3)
    state_machine (1.2.0)
    thread_safe (0.3.4-java)
    tilt (1.4.1)
    tzinfo (1.2.1)
      thread_safe (~> 0.1)
    webrick (1.3.1)

PLATFORMS
  java

DEPENDENCIES
  descriptive_statistics
  game_machine!
  rake
  rspec
  rspec-expectations
  rspec-mocks
