PATH
  remote: .
  specs:
    game_machine (0.0.2)
      activesupport (~> 3.0.0)
      consistent-hashing
      ffi
      haml
      hashie
      i18n
      json
      rjack-logback
      settingslogic
      sinatra
      sinatra-contrib
      state_machine
      trinidad

GEM
  remote: https://rubygems.org/
  specs:
    activesupport (3.0.20)
    avl_tree (1.1.3)
    backports (3.6.0)
    consistent-hashing (1.0.0)
      avl_tree (>= 1.1.3)
    descriptive_statistics (1.1.2)
    diff-lcs (1.2.5)
    ffi (1.9.3-java)
    haml (4.0.5)
      tilt
    hashie (3.0.0)
    i18n (0.6.9)
    jruby-rack (1.1.14)
    json (1.8.1-java)
    multi_json (1.10.1)
    rack (1.5.2)
    rack-protection (1.5.3)
      rack
    rack-test (0.6.2)
      rack (>= 1.0)
    rake (10.1.0)
    rjack-logback (1.7.0-java)
      rjack-slf4j (>= 1.6.5, < 1.8)
    rjack-slf4j (1.7.6.0-java)
    rspec (2.14.1)
      rspec-core (~> 2.14.0)
      rspec-expectations (~> 2.14.0)
      rspec-mocks (~> 2.14.0)
    rspec-core (2.14.7)
    rspec-expectations (2.14.4)
      diff-lcs (>= 1.1.3, < 2.0)
    rspec-mocks (2.14.4)
    settingslogic (2.0.9)
    sinatra (1.4.5)
      rack (~> 1.4)
      rack-protection (~> 1.4)
      tilt (~> 1.3, >= 1.3.4)
    sinatra-contrib (1.4.2)
      backports (>= 2.0)
      multi_json
      rack-protection
      rack-test
      sinatra (~> 1.4.0)
      tilt (~> 1.3)
    state_machine (1.2.0)
    tilt (1.4.1)
    trinidad (1.4.6)
      jruby-rack (~> 1.1.13)
      trinidad_jars (>= 1.3.0, < 1.5.0)
    trinidad_jars (1.4.0)

PLATFORMS
  java

DEPENDENCIES
  descriptive_statistics
  game_machine!
  rake
  rspec
  rspec-expectations
  rspec-mocks
