GEM
  remote: https://rubygems.org/
  specs:
    activesupport (4.1.6)
      i18n (~> 0.6, >= 0.6.9)
      json (~> 1.7, >= 1.7.7)
      minitest (~> 5.1)
      thread_safe (~> 0.1)
      tzinfo (~> 1.1)
    bcrypt (3.1.7-java)
    dentaku (1.2.1)
    faraday (0.9.1)
      multipart-post (>= 1.2, < 3)
    ffi (1.9.3-java)
    i18n (0.6.11)
    json (1.8.1-java)
    minitest (5.4.1)
    multipart-post (2.0.0)
    thread_safe (0.3.4-java)
    tzinfo (1.2.2)
      thread_safe (~> 0.1)
    wavefront (0.1.2)

PLATFORMS
  java

DEPENDENCIES
  activesupport
  bcrypt
  bundler
  dentaku
  faraday
  ffi
  i18n
  json
  wavefront

BUNDLED WITH
   1.10.6
