PATH
  remote: .
  specs:
    game_machine (0.0.1)
      activesupport (~> 3.0.0)
      consistent-hashing
      ffi
      hashie
      i18n
      json
      rjack-logback
      settingslogic
      sinatra
      slop
      state_machine
      trinidad
      trollop

GEM
  remote: https://rubygems.org/
  specs:
    activesupport (3.0.20)
    avl_tree (1.1.3)
    celluloid (0.15.2)
      timers (~> 1.1.0)
    coderay (1.1.0)
    consistent-hashing (1.0.0)
      avl_tree (>= 1.1.3)
    descriptive_statistics (1.1.2)
    diff-lcs (1.2.5)
    faraday (0.8.8)
      multipart-post (~> 1.2.0)
    ffi (1.9.3-java)
    formatador (0.2.4)
    guard (2.2.3)
      formatador (>= 0.2.4)
      listen (~> 2.1)
      lumberjack (~> 1.0)
      pry (>= 0.9.12)
      thor (>= 0.18.1)
    guard-jruby-rspec (0.2.1)
      guard (>= 0.10.0)
      guard-rspec (>= 0.7.3)
    guard-rspec (4.0.4)
      guard (>= 2.1.1)
      rspec (~> 2.14)
    hashie (2.1.1)
    i18n (0.6.9)
    jruby-rack (1.1.14)
    json (1.8.1-java)
    listen (2.2.0)
      celluloid (>= 0.15.2)
      rb-fsevent (>= 0.9.3)
      rb-inotify (>= 0.9)
    lumberjack (1.0.4)
    method_source (0.8.2)
    multipart-post (1.2.0)
    pry (0.9.12.3-java)
      coderay (~> 1.0)
      method_source (~> 0.8)
      slop (~> 3.4)
      spoon (~> 0.0)
    rack (1.5.2)
    rack-protection (1.5.3)
      rack
    rake (10.1.0)
    rb-fsevent (0.9.3)
    rb-inotify (0.9.2)
      ffi (>= 0.5.0)
    rjack-logback (1.7.0-java)
      rjack-slf4j (>= 1.6.5, < 1.8)
    rjack-slf4j (1.7.6.0-java)
    rspec (2.14.1)
      rspec-core (~> 2.14.0)
      rspec-expectations (~> 2.14.0)
      rspec-mocks (~> 2.14.0)
    rspec-core (2.14.7)
    rspec-expectations (2.14.4)
      diff-lcs (>= 1.1.3, < 2.0)
    rspec-mocks (2.14.4)
    settingslogic (2.0.9)
    sinatra (1.4.5)
      rack (~> 1.4)
      rack-protection (~> 1.4)
      tilt (~> 1.3, >= 1.3.4)
    slop (3.4.6)
    spoon (0.0.4)
      ffi
    state_machine (1.2.0)
    thor (0.18.1)
    tilt (1.4.1)
    timers (1.1.0)
    trinidad (1.4.6)
      jruby-rack (~> 1.1.13)
      trinidad_jars (>= 1.3.0, < 1.5.0)
    trinidad_jars (1.4.0)
    trollop (2.0)

PLATFORMS
  java

DEPENDENCIES
  descriptive_statistics
  faraday
  game_machine!
  guard-jruby-rspec
  rake
  rspec
  rspec-expectations
  rspec-mocks
