PATH
  remote: .
  specs:
    game_machine (0.0.1)
      active_support
      consistent-hashing
      ffi
      guard-process
      guard-rake
      guard-shell
      json
      rjack-logback
      settingslogic
      slop
      state_machine
      trollop

GEM
  remote: https://rubygems.org/
  specs:
    active_support (3.0.0)
      activesupport (= 3.0.0)
    activesupport (3.0.0)
    avl_tree (1.1.3)
    celluloid (0.15.2)
      timers (~> 1.1.0)
    coderay (1.0.9)
    consistent-hashing (0.2.1)
      avl_tree (>= 1.1.3)
    descriptive_statistics (1.1.2)
    diff-lcs (1.2.4)
    faraday (0.8.8)
      multipart-post (~> 1.2.0)
    ffi (1.9.0-java)
    formatador (0.2.4)
    guard (2.2.2)
      formatador (>= 0.2.4)
      listen (~> 2.1)
      lumberjack (~> 1.0)
      pry (>= 0.9.12)
      thor (>= 0.18.1)
    guard-jruby-rspec (0.2.1)
      guard (>= 0.10.0)
      guard-rspec (>= 0.7.3)
    guard-process (1.0.6)
      guard (>= 0.4.2)
      spoon (~> 0.0.1)
    guard-rake (0.0.9)
      guard
      rake
    guard-rspec (4.0.3)
      guard (>= 2.1.1)
      rspec (~> 2.14)
    guard-shell (0.5.1)
      guard (>= 1.1.0)
    json (1.8.1-java)
    listen (2.1.1)
      celluloid (>= 0.15.2)
      rb-fsevent (>= 0.9.3)
      rb-inotify (>= 0.9)
    lumberjack (1.0.4)
    method_source (0.8.2)
    multipart-post (1.2.0)
    pry (0.9.12.2-java)
      coderay (~> 1.0.5)
      method_source (~> 0.8)
      slop (~> 3.4)
      spoon (~> 0.0)
    rake (10.1.0)
    rb-fsevent (0.9.3)
    rb-inotify (0.9.2)
      ffi (>= 0.5.0)
    rjack-logback (1.6.1-java)
      rjack-slf4j (>= 1.6.5, < 1.8)
    rjack-slf4j (1.7.5.0-java)
    rspec (2.14.1)
      rspec-core (~> 2.14.0)
      rspec-expectations (~> 2.14.0)
      rspec-mocks (~> 2.14.0)
    rspec-core (2.14.6)
    rspec-expectations (2.14.3)
      diff-lcs (>= 1.1.3, < 2.0)
    rspec-mocks (2.14.4)
    settingslogic (2.0.9)
    slop (3.4.6)
    spoon (0.0.4)
      ffi
    state_machine (1.2.0)
    thor (0.18.1)
    timers (1.1.0)
    trollop (2.0)

PLATFORMS
  java

DEPENDENCIES
  descriptive_statistics
  faraday
  game_machine!
  guard-jruby-rspec
  pry
  rake
  rspec
  rspec-expectations
  rspec-mocks
